GEM
  remote: https://rubygems.org/
  specs:
    erubis (2.7.0)
    excon (0.73.0)
    heroics (0.1.1)
      erubis (~> 2.0)
      excon
      moneta
      multi_json (>= 1.9.2)
    moneta (1.0.0)
    multi_json (1.14.1)
    platform-api (3.0.0)
      heroics (~> 0.1.1)
      moneta (~> 1.0.0)
      rate_throttle_client (~> 0.1.0)
    rate_throttle_client (0.1.2)

PLATFORMS
  ruby

DEPENDENCIES
  platform-api

RUBY VERSION
   ruby 2.5.1p57

BUNDLED WITH
   2.1.4
